PATH
  remote: .
  specs:
    funky-simplehttp (0.6.0)

GEM
  remote: https://rubygems.org/
  specs:
    archive-zip (0.12.0)
      io-like (~> 0.3.0)
    cloudwalk_handshake (1.1.0)
    da_funk (1.13.1)
      archive-zip (~> 0.5)
      bundler
      cloudwalk_handshake
      funky-emv
      posxml_parser
      rake
    funky-emv (0.20.2)
      funky-tlv (~> 0.2)
    funky-tlv (0.2.3)
    io-like (0.3.0)
    posxml_parser (2.15.0)
      funky-emv (~> 0.3)
    rake (13.0.1)

PLATFORMS
  ruby

DEPENDENCIES
  bundler
  da_funk (~> 1.3)
  funky-simplehttp!
  rake

BUNDLED WITH
   2.0.1
