PATH
  remote: .
  specs:
    funky-simplehttp (0.5.0)

GEM
  remote: https://rubygems.org/
  specs:
    rake (12.3.0)

PLATFORMS
  ruby

DEPENDENCIES
  bundler
  funky-simplehttp!
  rake

BUNDLED WITH
   1.16.1
