PATH
  remote: .
  specs:
    funky-simplehttp (0.5.0)

GEM
  remote: https://rubygems.org/
  specs:
    archive-zip (0.10.0)
      io-like (~> 0.3.0)
    cloudwalk_handshake (0.12.0)
    da_funk (1.3.1)
      archive-zip (~> 0.5)
      bundler
      cloudwalk_handshake
      funky-emv
      posxml_parser
      rake
    funky-emv (0.15.0)
      funky-tlv (~> 0.2)
    funky-tlv (0.2.3)
    io-like (0.3.0)
    posxml_parser (1.1.0)
      funky-emv (~> 0.3)
    rake (12.3.0)

PLATFORMS
  ruby

DEPENDENCIES
  bundler
  da_funk (~> 1.3)
  funky-simplehttp!
  rake

BUNDLED WITH
   1.16.1
