PATH
  remote: .
  specs:
    funky-simplehttp (0.4.4)

GEM
  remote: https://rubygems.org/
  specs:
    rake (10.4.2)

PLATFORMS
  ruby

DEPENDENCIES
  bundler (~> 1.7)
  funky-simplehttp!
  rake (~> 10.0)
